PATH
  remote: .
  specs:
    tuling (0.0.1)
      httparty

GEM
  remote: https://rubygems.org/
  specs:
    diff-lcs (1.2.5)
    figaro (1.1.1)
      thor (~> 0.14)
    httparty (0.13.7)
      json (~> 1.8)
      multi_xml (>= 0.5.2)
    json (1.8.3)
    multi_xml (0.5.5)
    rake (11.1.1)
    rspec (3.4.0)
      rspec-core (~> 3.4.0)
      rspec-expectations (~> 3.4.0)
      rspec-mocks (~> 3.4.0)
    rspec-core (3.4.4)
      rspec-support (~> 3.4.0)
    rspec-expectations (3.4.0)
      diff-lcs (>= 1.2.0, < 2.0)
      rspec-support (~> 3.4.0)
    rspec-mocks (3.4.1)
      diff-lcs (>= 1.2.0, < 2.0)
      rspec-support (~> 3.4.0)
    rspec-support (3.4.1)
    thor (0.19.1)

PLATFORMS
  ruby

DEPENDENCIES
  bundler
  figaro
  rake
  rspec
  tuling!

BUNDLED WITH
   1.11.2
